PATH
  remote: .
  specs:
    cmr-entity-resolution (0.1.0)
      csv (~> 3.3)
      faraday (~> 2.7)
      grape (~> 2.0)
      iteraptor (~> 0.10)
      mongo (~> 2.18)
      mysql2 (~> 0.5)
      rack (~> 3.0)
      rackup (~> 2.1)
      sequel (~> 5.68)
      thor (~> 1.2)
      yajl-ruby (~> 1.4)

GEM
  remote: https://rubygems.org/
  specs:
    activesupport (8.0.2)
      base64
      benchmark (>= 0.3)
      bigdecimal
      concurrent-ruby (~> 1.0, >= 1.3.1)
      connection_pool (>= 2.2.5)
      drb
      i18n (>= 1.6, < 2)
      logger (>= 1.4.2)
      minitest (>= 5.1)
      securerandom (>= 0.3)
      tzinfo (~> 2.0, >= 2.0.5)
      uri (>= 0.13.1)
    ast (2.4.3)
    base64 (0.2.0)
    benchmark (0.4.0)
    bigdecimal (3.1.9)
    bson (5.0.2)
    concurrent-ruby (1.3.5)
    connection_pool (2.5.0)
    csv (3.3.3)
    diff-lcs (1.6.0)
    docile (1.4.1)
    drb (2.2.1)
    dry-core (1.1.0)
      concurrent-ruby (~> 1.0)
      logger
      zeitwerk (~> 2.6)
    dry-inflector (1.2.0)
    dry-logic (1.6.0)
      bigdecimal
      concurrent-ruby (~> 1.0)
      dry-core (~> 1.1)
      zeitwerk (~> 2.6)
    dry-types (1.8.2)
      bigdecimal (~> 3.0)
      concurrent-ruby (~> 1.0)
      dry-core (~> 1.0)
      dry-inflector (~> 1.0)
      dry-logic (~> 1.4)
      zeitwerk (~> 2.6)
    factory_bot (6.5.1)
      activesupport (>= 6.1.0)
    faraday (2.12.2)
      faraday-net_http (>= 2.0, < 3.5)
      json
      logger
    faraday-net_http (3.4.0)
      net-http (>= 0.5.0)
    grape (2.3.0)
      activesupport (>= 6)
      dry-types (>= 1.1)
      mustermann-grape (~> 1.1.0)
      rack (>= 2)
      zeitwerk
    i18n (1.14.7)
      concurrent-ruby (~> 1.0)
    iteraptor (0.10.0)
    json (2.10.2)
    language_server-protocol (3.17.0.4)
    lint_roller (1.1.0)
    logger (1.6.6)
    minitest (5.25.5)
    mongo (2.21.0)
      bson (>= 4.14.1, < 6.0.0)
    mustermann (3.0.3)
      ruby2_keywords (~> 0.0.1)
    mustermann-grape (1.1.0)
      mustermann (>= 1.0.0)
    mysql2 (0.5.6)
    net-http (0.6.0)
      uri
    parallel (1.26.3)
    parser (3.3.7.2)
      ast (~> 2.4.1)
      racc
    racc (1.8.1)
    rack (3.1.12)
    rack-test (2.2.0)
      rack (>= 1.3)
    rackup (2.2.1)
      rack (>= 3)
    rainbow (3.1.1)
    rake (13.2.1)
    regexp_parser (2.10.0)
    rspec (3.13.0)
      rspec-core (~> 3.13.0)
      rspec-expectations (~> 3.13.0)
      rspec-mocks (~> 3.13.0)
    rspec-core (3.13.3)
      rspec-support (~> 3.13.0)
    rspec-expectations (3.13.3)
      diff-lcs (>= 1.2.0, < 2.0)
      rspec-support (~> 3.13.0)
    rspec-github (2.4.0)
      rspec-core (~> 3.0)
    rspec-mocks (3.13.2)
      diff-lcs (>= 1.2.0, < 2.0)
      rspec-support (~> 3.13.0)
    rspec-support (3.13.2)
    rubocop (1.74.0)
      json (~> 2.3)
      language_server-protocol (~> 3.17.0.2)
      lint_roller (~> 1.1.0)
      parallel (~> 1.10)
      parser (>= 3.3.0.2)
      rainbow (>= 2.2.2, < 4.0)
      regexp_parser (>= 2.9.3, < 3.0)
      rubocop-ast (>= 1.38.0, < 2.0)
      ruby-progressbar (~> 1.7)
      unicode-display_width (>= 2.4.0, < 4.0)
    rubocop-ast (1.41.0)
      parser (>= 3.3.7.2)
    rubocop-factory_bot (2.27.1)
      lint_roller (~> 1.1)
      rubocop (~> 1.72, >= 1.72.1)
    rubocop-rake (0.7.1)
      lint_roller (~> 1.1)
      rubocop (>= 1.72.1)
    rubocop-rspec (3.5.0)
      lint_roller (~> 1.1)
      rubocop (~> 1.72, >= 1.72.1)
    ruby-progressbar (1.13.0)
    ruby2_keywords (0.0.5)
    securerandom (0.4.1)
    sequel (5.90.0)
      bigdecimal
    simplecov (0.22.0)
      docile (~> 1.1)
      simplecov-html (~> 0.11)
      simplecov_json_formatter (~> 0.1)
    simplecov-html (0.13.1)
    simplecov_json_formatter (0.1.4)
    thor (1.3.2)
    tzinfo (2.0.6)
      concurrent-ruby (~> 1.0)
    unicode-display_width (3.1.4)
      unicode-emoji (~> 4.0, >= 4.0.4)
    unicode-emoji (4.0.4)
    uri (1.0.3)
    yajl-ruby (1.4.3)
    zeitwerk (2.7.2)

PLATFORMS
  arm64-darwin-23
  x86_64-darwin-20
  x86_64-darwin-22
  x86_64-linux

DEPENDENCIES
  cmr-entity-resolution!
  factory_bot (~> 6.2)
  rack-test (~> 2.1)
  rake (~> 13.0)
  rspec (~> 3.12)
  rspec-github (~> 2.4)
  rubocop (~> 1.65)
  rubocop-factory_bot (~> 2.26)
  rubocop-rake (~> 0.6)
  rubocop-rspec (~> 3.0)
  simplecov (~> 0.22)

BUNDLED WITH
   2.5.15
