PATH
  remote: .
  specs:
    cmr-entity-resolution (0.1.0)
      faraday (~> 2.7)
      iteraptor (~> 0.10)
      thor (~> 1.2)
      yajl-ruby (~> 1.4)

GEM
  remote: https://rubygems.org/
  specs:
    ast (2.4.2)
    faraday (2.7.4)
      faraday-net_http (>= 2.0, < 3.1)
      ruby2_keywords (>= 0.0.4)
    faraday-net_http (3.0.2)
    iteraptor (0.10.0)
    json (2.6.3)
    parallel (1.23.0)
    parser (3.2.2.1)
      ast (~> 2.4.1)
    rainbow (3.1.1)
    rake (13.0.6)
    regexp_parser (2.8.0)
    rexml (3.2.5)
    rubocop (1.50.2)
      json (~> 2.3)
      parallel (~> 1.10)
      parser (>= 3.2.0.0)
      rainbow (>= 2.2.2, < 4.0)
      regexp_parser (>= 1.8, < 3.0)
      rexml (>= 3.2.5, < 4.0)
      rubocop-ast (>= 1.28.0, < 2.0)
      ruby-progressbar (~> 1.7)
      unicode-display_width (>= 2.4.0, < 3.0)
    rubocop-ast (1.28.0)
      parser (>= 3.2.1.0)
    rubocop-rake (0.6.0)
      rubocop (~> 1.0)
    ruby-progressbar (1.13.0)
    ruby2_keywords (0.0.5)
    thor (1.2.1)
    unicode-display_width (2.4.2)
    yajl-ruby (1.4.3)

PLATFORMS
  x86_64-darwin-20
  x86_64-darwin-22

DEPENDENCIES
  cmr-entity-resolution!
  rake (~> 13.0)
  rubocop (~> 1.48)
  rubocop-rake (~> 0.6)

BUNDLED WITH
   2.3.26
